GEM
  remote: https://rubygems.org/
  specs:
    bigdecimal (3.1.9)
    mini_portile2 (2.8.9)
    ox (2.14.22)
      bigdecimal (>= 3.0)
    sequel (5.92.0)
      bigdecimal
    sqlite3 (2.0.4)
      mini_portile2 (~> 2.8.0)

PLATFORMS
  x86_64-linux

DEPENDENCIES
  ox
  sequel
  sqlite3

BUNDLED WITH
   2.3.5
